PATH
  remote: .
  specs:
    neutrino_client (0.0.1)
      json_pure (>= 1.4.6)
      mixlib-cli (>= 1.2.0)
      mixlib-config (>= 1.1.2)

GEM
  remote: http://rubygems.org/
  specs:
    json_pure (1.4.6)
    mixlib-cli (1.2.0)
    mixlib-config (1.1.2)

PLATFORMS
  ruby

DEPENDENCIES
  bundler (>= 1.0.0)
  json_pure (>= 1.4.6)
  mixlib-cli (>= 1.2.0)
  mixlib-config (>= 1.1.2)
  neutrino_client!
