PATH
  remote: .
  specs:
    neutrino_client (0.0.1)
      hashie (>= 1.0.0)
      json_pure (>= 1.4.6)
      mixlib-cli (>= 1.2.0)
      mixlib-config (>= 1.1.2)

GEM
  remote: http://rubygems.org/
  specs:
    fakeweb (1.3.0)
    hashie (1.0.0)
    json_pure (1.4.6)
    mixlib-cli (1.2.0)
    mixlib-config (1.1.2)
    mocha (0.9.11)
      rake
    rake (0.8.7)

PLATFORMS
  ruby

DEPENDENCIES
  bundler (>= 1.0.0)
  fakeweb (>= 1.3.0)
  hashie (>= 1.0.0)
  json_pure (>= 1.4.6)
  mixlib-cli (>= 1.2.0)
  mixlib-config (>= 1.1.2)
  mocha (>= 0.9.11)
  neutrino_client!
